GEM
  remote: https://rubygems.org/
  specs:
    active_support (3.0.0)
      activesupport (= 3.0.0)
    activesupport (3.0.0)
    rack (1.4.1)
    rake (0.9.2.2)

PLATFORMS
  ruby

DEPENDENCIES
  active_support
  rack
  rake
